GEM
  remote: https://rubygems.org/
  specs:
    m (1.3.2)
      method_source (>= 0.6.7)
      rake (>= 0.9.2.2)
    method_source (0.8.2)
    minitest (5.4.2)
    rake (10.3.2)

PLATFORMS
  ruby

DEPENDENCIES
  m
  minitest
